{
	"ECGChannelCount": 0,
	"EEGChannelCount": 64,
	"EEGReference": "FCz",
	"EMGChannelCount": 0,
	"EOGChannelCount": 0,
    "SoftwareFilters": "n/a",
	"InstitutionAddress": "No.2 Tiansheng Road, BeibeiDistrict, Chongqing City, 400715, China",
	"InstitutionName": "Southwest University",
	"InstitutionalDepartmentName": "Faculty of Psychology",
	"MiscChannelCount": 0,
	"PowerLineFrequency": 50,
	"RecordingDuration": 300,
	"SamplingFrequency": 500,
	"TaskDescription": "Participants were instructed to close their eyes for five minutes",
	"TaskName": "eyes closed",
	"TriggerChannelCount": 0
}
