{
	"ECGChannelCount": 0,
	"EEGChannelCount": 61,
	"EEGReference": "FCz",
	"EMGChannelCount": 0,
	"EOGChannelCount": 0,
    "SoftwareFilters": "n/a",
	"InstitutionAddress": "No.2 Tiansheng Road, BeibeiDistrict, Chongqing City, 400715, China",
	"InstitutionName": "Southwest University",
	"InstitutionalDepartmentName": "Faculty of Psychology",
	"MiscChannelCount": 0,
	"PowerLineFrequency": 50,
	"RecordingDuration": 300,
	"SamplingFrequency": 500,
	"TaskDescription": "Participants were asked to sing their favourite songs in their head",
	"TaskName": "music",
	"TriggerChannelCount": 0
}
